GEM
  remote: http://rubygems.org/
  specs:
    Saikuro (1.1.0)
    abstract (1.0.0)
    activesupport (3.0.3)
    arrayfields (4.7.4)
    chronic (0.2.3)
      hoe (>= 1.2.1)
    churn (0.0.13)
      chronic (>= 0.2.3)
      hirb
      json_pure
      main
      ruby_parser (~> 2.0.4)
      sexp_processor (~> 3.0.3)
    colored (1.2)
    diff-lcs (1.1.2)
    erubis (2.6.6)
      abstract (>= 1.0.0)
    fattr (2.2.0)
    flay (1.4.1)
      ruby_parser (~> 2.0)
      sexp_processor (~> 3.0)
    flog (2.5.0)
      ruby_parser (~> 2.0)
      sexp_processor (~> 3.0)
    hirb (0.3.5)
    hoe (2.8.0)
      rake (>= 0.8.7)
    i18n (0.5.0)
    json_pure (1.4.6)
    main (4.4.0)
      arrayfields (>= 4.7.4)
      fattr (>= 2.1.0)
    metric_fu (2.0.1)
      Saikuro (>= 1.1.0)
      activesupport (>= 2.0.0)
      chronic (~> 0.2.3)
      churn (>= 0.0.7)
      flay (>= 1.2.1)
      flog (>= 2.2.0)
      rails_best_practices (>= 0.3.16)
      rcov (>= 0.8.3.3)
      reek (>= 1.2.6)
      roodi (>= 2.1.0)
    mocha (0.9.10)
      rake
    polyglot (0.3.1)
    r18n-core (0.4.8)
    rails_best_practices (0.5.6)
      activesupport
      colored (~> 1.2)
      erubis (~> 2.6.6)
      i18n
      ruby-progressbar (~> 0.0.9)
      ruby_parser (~> 2.0.4)
    rake (0.8.7)
    rcov (0.9.9)
    reek (1.2.8)
      ruby2ruby (~> 1.2)
      ruby_parser (~> 2.0)
      sexp_processor (~> 3.0)
    roodi (2.1.0)
      ruby_parser
    rspec (2.3.0)
      rspec-core (~> 2.3.0)
      rspec-expectations (~> 2.3.0)
      rspec-mocks (~> 2.3.0)
    rspec-core (2.3.1)
    rspec-expectations (2.3.0)
      diff-lcs (~> 1.1.2)
    rspec-mocks (2.3.0)
    ruby-progressbar (0.0.9)
    ruby2ruby (1.2.5)
      ruby_parser (~> 2.0)
      sexp_processor (~> 3.0)
    ruby_parser (2.0.5)
      sexp_processor (~> 3.0)
    sexp_processor (3.0.5)
    treetop (1.4.9)
      polyglot (>= 0.3.1)

PLATFORMS
  ruby

DEPENDENCIES
  metric_fu
  mocha
  polyglot
  r18n-core
  rspec
  treetop
